PATH
  remote: .
  specs:
    k-replace (0.1.1)

GEM
  remote: https://rubygems.org/
  specs:
    awesome_print (1.8.0)
    byebug (9.1.0)
    coderay (1.1.2)
    method_source (0.9.0)
    minitest (5.10.3)
    minitest-utils (0.4.0)
      minitest
    pry (0.11.3)
      coderay (~> 1.1.0)
      method_source (~> 0.9.0)
    pry-byebug (3.5.0)
      byebug (~> 9.1)
      pry (~> 0.10)
    pry-meta (0.0.10)
      awesome_print
      pry
      pry-byebug
      pry-remote
    pry-remote (0.1.8)
      pry (~> 0.9)
      slop (~> 3.0)
    slop (3.6.0)

PLATFORMS
  ruby

DEPENDENCIES
  k-replace!
  minitest (~> 5.10)
  minitest-utils (~> 0.4)
  pry-meta (~> 0.0)

BUNDLED WITH
   1.15.4
